GEM
  remote: https://rubygems.org/
  specs:
    byebug (9.0.4)
    haml (4.0.7)
      tilt
    httparty (0.13.7)
      json (~> 1.8)
      multi_xml (>= 0.5.2)
    json (1.8.3)
    multi_xml (0.5.5)
    rack (1.6.4)
    rack-protection (1.5.3)
      rack
    sinatra (1.4.7)
      rack (~> 1.5)
      rack-protection (~> 1.4)
      tilt (>= 1.3, < 3)
    sinatra-static-assets (1.0.4)
      sinatra (>= 1.1.0)
    tilt (2.0.4)

PLATFORMS
  ruby

DEPENDENCIES
  byebug
  haml
  httparty
  sinatra
  sinatra-static-assets

BUNDLED WITH
   1.12.5
